REDIRECTS: ON
NUGET
  remote: https://www.nuget.org/api/v2
  specs:
    FAKE (4.12.0)
    FSharp.Compiler.Service (1.4.2.3)
    FSharp.Configuration (0.5.7)
    FSharp.Core (4.0.0.1)
    FSharp.Formatting (2.12.1)
      FSharp.Compiler.Service (>= 1.4.2 < 1.5.0)
      FSharpVSPowerTools.Core (>= 2.2.0 < 2.3.0)
    FSharpVSPowerTools.Core (2.2.0)
      FSharp.Compiler.Service (>= 1.4.2.0)
    Microsoft.Bcl (1.1.10)
      Microsoft.Bcl.Build (>= 1.0.14)
    Microsoft.Bcl.Build (1.0.21) - import_targets: false
    Microsoft.Net.Http (2.2.29)
      Microsoft.Bcl (>= 1.1.10)
      Microsoft.Bcl.Build (>= 1.0.14)
    Octokit (0.17.0)
      Microsoft.Net.Http
    Serilog (1.5.14) - framework: >= net40
    Serilog.Sinks.Seq (1.5.27)
      Microsoft.Net.Http (>= 2.2.20) - framework: net40
      Serilog (>= 1.5.10) - framework: >= net40
    SourceLink.Fake (1.1.0)
    Suave (0.33.0)
      FSharp.Core (>= 3.1.2.5)
    Suave.OpenSSL (0.33.0)
      FSharp.Core (>= 3.1.2.5)
      Suave (>= 0.33.0)
    Topshelf (3.3.1)
    Topshelf.FSharp (2.1.0)
      Topshelf (>= 3.2.0)
GITHUB
  remote: fsharp/FAKE
  specs:
    modules/Octokit/Octokit.fsx (867e3b61222603af09f9b0c6f2b0e4a18af84c84)
      Octokit